GEM
  remote: http://rubygems.org/
  specs:
    albacore (0.3.4)
      rubyzip
    rake (0.9.2.2)
    rubyzip (0.9.9)
    zip (2.0.2)

PLATFORMS
  x86-mingw32

DEPENDENCIES
  albacore
  rake (= 0.9.2.2)
  rubyzip
  zip
