GEM
  remote: http://rubygems.org/
  specs:
    albacore (0.3.4)
      rubyzip
    rake (12.3.3)
    rubyzip (0.9.9)
    zip (2.0.2)

PLATFORMS
  ruby
  x86-mingw32

DEPENDENCIES
  albacore
  rake (= 12.3.3)
  rubyzip
  zip
